GEM
  remote: https://rubygems.org/
  specs:
    cgi (0.3.6)
    concurrent-ruby (1.2.2)
    erb (4.0.3)
      cgi (>= 0.3.3)
    http-2-next (0.5.1)
    httpx (0.24.6)
      http-2-next (>= 0.4.1)
    i18n (1.14.1)
      concurrent-ruby (~> 1.0)
    json (2.6.3)
    money (6.16.0)
      i18n (>= 0.6.4, <= 2)
    mustermann (3.0.0)
      ruby2_keywords (~> 0.0.1)
    nio4r (2.5.9)
    puma (6.4.0)
      nio4r (~> 2.0)
    rack (2.2.8)
    rack-protection (3.1.0)
      rack (~> 2.2, >= 2.2.4)
    ruby2_keywords (0.0.5)
    sinatra (3.1.0)
      mustermann (~> 3.0)
      rack (~> 2.2, >= 2.2.4)
      rack-protection (= 3.1.0)
      tilt (~> 2.0)
    tilt (2.3.0)

PLATFORMS
  x86_64-linux

DEPENDENCIES
  erb
  httpx
  json
  money
  puma
  sinatra

RUBY VERSION
   ruby 3.0.2p107

BUNDLED WITH
   2.4.20
