GEM
  remote: https://rubygems.org/
  specs:
    cgi (0.3.6)
    concurrent-ruby (1.2.2)
    domain_name (0.5.20190701)
      unf (>= 0.0.5, < 1.0.0)
    erb (4.0.3)
      cgi (>= 0.3.3)
    http-accept (1.7.0)
    http-cookie (1.0.5)
      domain_name (~> 0.5)
    i18n (1.14.1)
      concurrent-ruby (~> 1.0)
    json (2.6.3)
    mime-types (3.5.1)
      mime-types-data (~> 3.2015)
    mime-types-data (3.2023.0808)
    money (6.16.0)
      i18n (>= 0.6.4, <= 2)
    mustermann (3.0.0)
      ruby2_keywords (~> 0.0.1)
    netrc (0.11.0)
    nio4r (2.5.9)
    puma (6.4.0)
      nio4r (~> 2.0)
    rack (2.2.8)
    rack-protection (3.1.0)
      rack (~> 2.2, >= 2.2.4)
    rest-client (2.1.0)
      http-accept (>= 1.7.0, < 2.0)
      http-cookie (>= 1.0.2, < 2.0)
      mime-types (>= 1.16, < 4.0)
      netrc (~> 0.8)
    ruby2_keywords (0.0.5)
    sinatra (3.1.0)
      mustermann (~> 3.0)
      rack (~> 2.2, >= 2.2.4)
      rack-protection (= 3.1.0)
      tilt (~> 2.0)
    tilt (2.3.0)
    unf (0.1.4)
      unf_ext
    unf_ext (0.0.8.2)

PLATFORMS
  x86_64-linux

DEPENDENCIES
  erb
  json
  money
  puma
  rack
  rest-client
  sinatra

RUBY VERSION
   ruby 3.1.4

BUNDLED WITH
   2.4.20
